GIT
  remote: git@github.com:dimochik/taza.git
  revision: dde1a398caae854f8307aa46c9088df461b74bc4
  specs:
    taza (0.8.9)
      mocha (>= 0.9.12)
      rake (>= 0.8.3)
      rspec (>= 2.5.0)
      rubigen (>= 1.5.6)
      taglob (>= 1.1.2)

GEM
  remote: http://rubygems.org/
  specs:
    activemodel (3.2.13)
      activesupport (= 3.2.13)
      builder (~> 3.0.0)
    activerecord (3.2.13)
      activemodel (= 3.2.13)
      activesupport (= 3.2.13)
      arel (~> 3.0.2)
      tzinfo (~> 0.3.29)
    activesupport (3.2.13)
      i18n (= 0.6.1)
      multi_json (~> 1.0)
    archive-tar-minitar (0.5.2)
    arel (3.0.2)
    builder (3.0.4)
    childprocess (0.3.9)
      ffi (~> 1.0, >= 1.0.11)
    ci_reporter (1.9.0)
      builder (>= 2.1.2)
    columnize (0.3.6)
    diff-lcs (1.1.2)
    ffi (1.9.0)
    headless (1.0.1)
    hoe (3.6.3)
      rake (>= 0.8, < 11.0)
    hpricot (0.8.4)
    i18n (0.6.1)
    linecache19 (0.5.12)
      ruby_core_source (>= 0.1.4)
    macaddr (1.6.1)
      systemu (~> 2.5.0)
    mime-types (1.23)
    mini_portile (0.5.1)
    mocha (0.9.12)
    multi_json (1.7.7)
    net-ssh (2.6.8)
    net-ssh-gateway (1.2.0)
      net-ssh (>= 2.6.5)
    nokogiri (1.6.0)
      mini_portile (~> 0.5.0)
    pg (0.15.1)
    rake (0.9.2)
    rest-client (1.6.7)
      mime-types (>= 1.16)
    rspec (2.5.0)
      rspec-core (~> 2.5.0)
      rspec-expectations (~> 2.5.0)
      rspec-mocks (~> 2.5.0)
    rspec-core (2.5.0)
    rspec-expectations (2.5.0)
      diff-lcs (~> 1.1.2)
    rspec-mocks (2.5.0)
    rubigen (1.5.6)
      activesupport (>= 2.3.5)
      i18n
    ruby-debug-base19 (0.11.25)
      columnize (>= 0.3.1)
      linecache19 (>= 0.5.11)
      ruby_core_source (>= 0.1.4)
    ruby-debug19 (0.11.6)
      columnize (>= 0.3.1)
      linecache19 (>= 0.5.11)
      ruby-debug-base19 (>= 0.11.19)
    ruby_core_source (0.1.5)
      archive-tar-minitar (>= 0.5.2)
    rubyzip (0.9.9)
    s4t-utils (1.0.4)
      hoe (>= 1.3.0)
    selenium-webdriver (2.31.0)
      childprocess (>= 0.2.5)
      multi_json (~> 1.0)
      rubyzip
      websocket (~> 1.0.4)
    sys-proctable (0.9.3)
    systemu (2.5.2)
    taglob (1.1.2)
    test_xml (0.1.2)
      nokogiri (>= 1.3.2)
    tzinfo (0.3.37)
    user-choices (1.1.6.1)
      builder (>= 2.1.2)
      s4t-utils (>= 1.0.3)
      xml-simple (>= 1.0.11)
    uuid (2.3.7)
      macaddr (~> 1.0)
    watir-webdriver (0.6.2)
      selenium-webdriver (>= 2.18.0)
    websocket (1.0.7)
    xml-simple (1.1.2)

PLATFORMS
  ruby

DEPENDENCIES
  activerecord (= 3.2.13)
  ci_reporter
  diff-lcs (= 1.1.2)
  headless
  hpricot (= 0.8.4)
  linecache19 (= 0.5.12)
  mocha (= 0.9.12)
  net-ssh-gateway
  pg
  rake (= 0.9.2)
  rest-client
  rspec (= 2.5.0)
  rspec-core (= 2.5.0)
  rspec-expectations (= 2.5.0)
  rspec-mocks (= 2.5.0)
  rubigen (= 1.5.6)
  ruby-debug19
  selenium-webdriver (= 2.31.0)
  sys-proctable
  taglob (= 1.1.2)
  taza (= 0.8.9)!
  test_xml (= 0.1.2)
  user-choices (= 1.1.6.1)
  uuid
  watir-webdriver (= 0.6.2)
